GEM
  remote: https://rubygems.org/
  specs:
    backtrace (0.4.0)
    baza.rb (0.0.8)
      backtrace (> 0)
      elapsed (> 0)
      faraday (> 0)
      faraday-http-cache (> 0)
      faraday-multipart (> 0)
      faraday-retry (> 0)
      iri (> 0)
      loog (> 0)
      retries (~> 0)
      tago (~> 0)
      typhoeus (~> 1.3)
    concurrent-ruby (1.3.4)
    decoor (0.0.1)
    elapsed (0.0.1)
      loog (> 0)
      tago (> 0)
    ethon (0.16.0)
      ffi (>= 1.15.0)
    factbase (0.4.0)
      backtrace (> 0)
      decoor (> 0)
      json (~> 2.7)
      loog (> 0)
      nokogiri (~> 1.10)
      others (> 0)
      tago (> 0)
      yaml (~> 0.3)
    faraday (2.11.0)
      faraday-net_http (>= 2.0, < 3.4)
      logger
    faraday-http-cache (2.5.1)
      faraday (>= 0.8)
    faraday-multipart (1.0.4)
      multipart-post (~> 2)
    faraday-net_http (3.3.0)
      net-http
    faraday-retry (2.2.1)
      faraday (~> 2.0)
    ffi (1.17.0-arm64-darwin)
    gli (2.21.5)
    iri (0.8.0)
    json (2.7.2)
    judges (0.26.1)
      backtrace (> 0)
      baza.rb (> 0)
      concurrent-ruby (~> 1.2)
      elapsed (> 0)
      factbase (> 0)
      gli (~> 2.21)
      iri (> 0)
      loog (> 0)
      moments (~> 0.3)
      nokogiri (~> 1.10)
      others (> 0)
      retries (> 0)
      tago (> 0)
      typhoeus (~> 1.3)
    logger (1.6.1)
    loog (0.6.0)
    moments (0.3.0)
    multipart-post (2.4.1)
    net-http (0.4.1)
      uri
    nokogiri (1.16.7-arm64-darwin)
      racc (~> 1.4)
    others (0.0.3)
    racc (1.8.1)
    retries (0.0.5)
    tago (0.0.2)
    typhoeus (1.4.1)
      ethon (>= 0.9.0)
    uri (0.13.1)
    yaml (0.3.0)

PLATFORMS
  arm64-darwin

DEPENDENCIES
  judges (> 0)

RUBY VERSION
   ruby 3.2.1p31

BUNDLED WITH
   2.5.16
